GEM
  remote: https://rubygems.org/
  specs:
    activesupport (4.2.3)
      i18n (~> 0.7)
      json (~> 1.7, >= 1.7.7)
      minitest (~> 5.1)
      thread_safe (~> 0.3, >= 0.3.4)
      tzinfo (~> 1.1)
    claide (0.9.1)
    cocoaseeds (0.2.0)
      colorize (~> 0.7)
      xcodeproj (~> 0.24)
    colored (1.2)
    colorize (0.7.7)
    i18n (0.7.0)
    json (1.8.3)
    minitest (5.8.0)
    thread_safe (0.3.5)
    tzinfo (1.2.2)
      thread_safe (~> 0.1)
    xcodeproj (0.26.3)
      activesupport (>= 3)
      claide (~> 0.9.1)
      colored (~> 1.2)

PLATFORMS
  ruby

DEPENDENCIES
  cocoaseeds (~> 0.2)

BUNDLED WITH
   1.10.6
